GEM
  remote: https://rubygems.org/
  specs:
    activesupport (4.2.2)
      i18n (~> 0.7)
      json (~> 1.7, >= 1.7.7)
      minitest (~> 5.1)
      thread_safe (~> 0.3, >= 0.3.4)
      tzinfo (~> 1.1)
    byebug (5.0.0)
      columnize (= 0.9.0)
    celluloid (0.16.0)
      timers (~> 4.0.0)
    clockwork (1.2.0)
      activesupport
      tzinfo
    columnize (0.9.0)
    connection_pool (2.2.0)
    hitimes (1.2.2)
    i18n (0.7.0)
    json (1.8.3)
    minitest (5.7.0)
    redis (3.2.1)
    redis-namespace (1.5.2)
      redis (~> 3.0, >= 3.0.4)
    sidekiq (3.4.0)
      celluloid (>= 0.16.0)
      connection_pool (>= 2.1.1)
      json
      redis (>= 3.0.6)
      redis-namespace (>= 1.3.1)
    thread_safe (0.3.5)
    timers (4.0.1)
      hitimes
    tzinfo (1.2.2)
      thread_safe (~> 0.1)

PLATFORMS
  ruby

DEPENDENCIES
  byebug
  clockwork (~> 1.2.0)
  sidekiq

BUNDLED WITH
   1.10.4
